GEM
  remote: http://rubygems.org/
  specs:
    Platform (0.4.0)
    archive-tar-minitar (0.5.2)
    blimpy (0.3.4)
      fog
      minitar
      thor
    builder (3.0.0)
    childprocess (0.3.1)
      ffi (~> 1.0.6)
    cucumber (1.1.9)
      builder (>= 2.1.2)
      diff-lcs (>= 1.1.2)
      gherkin (~> 2.9.0)
      json (>= 1.4.6)
      term-ansicolor (>= 1.0.6)
    diff-lcs (1.1.3)
    erubis (2.7.0)
    excon (0.13.4)
    facter (1.6.4)
    ffi (1.0.11)
    fog (1.3.1)
      builder
      excon (~> 0.13.0)
      formatador (~> 0.2.0)
      mime-types
      multi_json (~> 1.0)
      net-scp (~> 1.0.4)
      net-ssh (>= 2.1.3)
      nokogiri (~> 1.5.0)
      ruby-hmac
    formatador (0.2.3)
    gherkin (2.9.0)
      json (>= 1.4.6)
    i18n (0.6.0)
    json (1.5.4)
    log4r (1.1.10)
    mime-types (1.18)
    minitar (0.5.3)
    multi_json (1.3.5)
    net-scp (1.0.4)
      net-ssh (>= 1.99.1)
    net-ssh (2.2.2)
    nokogiri (1.5.2)
    open4 (1.3.0)
    popen4 (0.1.2)
      Platform (>= 0.4.0)
      open4 (>= 0.4.0)
    puppet (2.7.6)
      facter (>= 1.5.1)
    puppet-lint (0.1.13)
    puppet-module (0.3.4)
    rake (0.9.2.2)
    rspec (2.8.0)
      rspec-core (~> 2.8.0)
      rspec-expectations (~> 2.8.0)
      rspec-mocks (~> 2.8.0)
    rspec-core (2.8.0)
    rspec-expectations (2.8.0)
      diff-lcs (~> 1.1.2)
    rspec-mocks (2.8.0)
    rspec-puppet (0.1.0)
      rspec
    ruby-hmac (0.4.0)
    sahara (0.0.11)
      popen4 (~> 0.1.2)
      thor (~> 0.14.6)
      vagrant (~> 1.0)
    term-ansicolor (1.0.7)
    thor (0.14.6)
    vagrant (1.0.0)
      archive-tar-minitar (= 0.5.2)
      childprocess (~> 0.3.1)
      erubis (~> 2.7.0)
      i18n (~> 0.6.0)
      json (~> 1.5.1)
      log4r (~> 1.1.9)
      net-scp (~> 1.0.4)
      net-ssh (~> 2.2.2)

PLATFORMS
  ruby

DEPENDENCIES
  blimpy (~> 0.3)
  cucumber
  puppet
  puppet-lint
  puppet-module
  rake
  rspec
  rspec-puppet
  sahara
  vagrant
